GEM
  remote: http://rubygems.org/
  specs:
    actionmailer (2.3.11)
      actionpack (= 2.3.11)
    actionpack (2.3.11)
      activesupport (= 2.3.11)
      rack (~> 1.1.0)
    activerecord (2.3.11)
      activesupport (= 2.3.11)
    activeresource (2.3.11)
      activesupport (= 2.3.11)
    activesupport (2.3.11)
    crack (0.1.8)
    dbi (0.4.5)
      deprecated (= 2.0.1)
    deprecated (2.0.1)
    httparty (0.7.4)
      crack (= 0.1.8)
    icalendar (1.1.6)
    mysql (2.8.1)
    rack (1.1.2)
    rails (2.3.11)
      actionmailer (= 2.3.11)
      actionpack (= 2.3.11)
      activerecord (= 2.3.11)
      activeresource (= 2.3.11)
      activesupport (= 2.3.11)
      rake (>= 0.8.3)
    rake (0.8.7)
    sqlite3 (1.3.3)
    sqlite3-ruby (1.3.3)
      sqlite3 (>= 1.3.3)
    tzinfo (0.3.25)
    will_paginate (2.3.15)

PLATFORMS
  ruby

DEPENDENCIES
  dbi
  httparty
  icalendar
  mysql
  rails (= 2.3.11)
  sqlite3-ruby
  tzinfo
  will_paginate
