GEM
  remote: https://rubygems.org/
  specs:
    actionmailer (2.3.11)
      actionpack (= 2.3.11)
    actionpack (2.3.11)
      activesupport (= 2.3.11)
      rack (~> 1.1.0)
    activerecord (2.3.11)
      activesupport (= 2.3.11)
    activerecord-mysql2-adapter (0.0.3)
      mysql2
    activeresource (2.3.11)
      activesupport (= 2.3.11)
    activesupport (2.3.11)
    capistrano (3.2.1)
      i18n
      rake (>= 10.0.0)
      sshkit (~> 1.3)
    capistrano-bundler (1.1.2)
      capistrano (~> 3.0)
      sshkit (~> 1.2)
    capistrano-rails (1.1.1)
      capistrano (~> 3.1)
      capistrano-bundler (~> 1.1)
    capistrano-rbenv (2.0.2)
      capistrano (~> 3.1)
      sshkit (~> 1.3)
    capistrano3-unicorn (0.1.1)
      capistrano (>= 3.1.0)
    crack (0.1.8)
    dbi (0.4.5)
      deprecated (= 2.0.1)
    deprecated (2.0.1)
    hoe (3.22.1)
      rake (>= 0.8, < 15.0)
    httparty (0.7.4)
      crack (= 0.1.8)
    i18n (0.6.9)
    icalendar (1.1.6)
    kgio (2.9.2)
    minitest (1.7.2)
    mysql (2.8.1)
    mysql2 (0.3.11)
    net-scp (1.2.1)
      net-ssh (>= 2.6.5)
    net-ssh (2.9.0)
    rack (1.1.2)
    rails (2.3.11)
      actionmailer (= 2.3.11)
      actionpack (= 2.3.11)
      activerecord (= 2.3.11)
      activeresource (= 2.3.11)
      activesupport (= 2.3.11)
      rake (>= 0.8.3)
    raindrops (0.13.0)
    rake (12.3.3)
    rdoc (2.4.2)
      hoe (>= 1.11.0)
      minitest (~> 1.3)
    sqlite3 (1.3.9)
    sshkit (1.3.0)
      net-scp (>= 1.1.2)
      net-ssh
      term-ansicolor
    term-ansicolor (1.3.0)
      tins (~> 1.0)
    tins (1.1.0)
    tzinfo (0.3.25)
    unicorn (4.8.2)
      kgio (~> 2.6)
      rack
      raindrops (~> 0.7)
    will_paginate (2.3.15)

PLATFORMS
  ruby

DEPENDENCIES
  activerecord-mysql2-adapter (= 0.0.3)
  capistrano (= 3.2.1)
  capistrano-bundler
  capistrano-rails
  capistrano-rbenv
  capistrano3-unicorn
  dbi (= 0.4.5)
  httparty (= 0.7.4)
  icalendar (= 1.1.6)
  mysql (= 2.8.1)
  mysql2 (= 0.3.11)
  rack (= 1.1.2)
  rails (= 2.3.11)
  rake
  rdoc (= 2.4.2)
  sqlite3
  sshkit (= 1.3.0)
  tzinfo (= 0.3.25)
  unicorn
  will_paginate (= 2.3.15)
