GEM
  remote: http://rubygems.org/
  specs:
    actionmailer (2.3.5)
      actionpack (= 2.3.5)
    actionpack (2.3.5)
      activesupport (= 2.3.5)
      rack (~> 1.0.0)
    activerecord (2.3.5)
      activesupport (= 2.3.5)
    activeresource (2.3.5)
      activesupport (= 2.3.5)
    activesupport (2.3.5)
    builder (3.0.0)
    dbi (0.4.5)
      deprecated (= 2.0.1)
    deprecated (2.0.1)
    elekk (1.0.2)
      json
      memcached
      nokogiri
      typhoeus
    hoptoad_notifier (2.3.12)
      activesupport
      builder
    icalendar (1.1.5)
    json (1.4.6)
    memcached (1.0.2)
    mysql (2.8.1)
    nokogiri (1.4.4)
    rack (1.0.1)
    rails (2.3.5)
      actionmailer (= 2.3.5)
      actionpack (= 2.3.5)
      activerecord (= 2.3.5)
      activeresource (= 2.3.5)
      activesupport (= 2.3.5)
      rake (>= 0.8.3)
    rake (0.8.7)
    typhoeus (0.2.0)
    will_paginate (2.3.15)

PLATFORMS
  ruby

DEPENDENCIES
  dbi
  elekk
  hoptoad_notifier
  icalendar
  mysql
  rails (= 2.3.5)
  will_paginate
